GEM
  remote: https://rubygems.org/
  specs:
    daemons (1.1.9)
    mime-types (1.23)
    rest-client (1.6.7)
      mime-types (>= 1.16)

PLATFORMS
  ruby

DEPENDENCIES
  daemons
  rest-client
